GEM
  remote: https://rubygems.org/
  specs:
    docile (1.3.2)
    simplecov (0.19.1)
      docile (~> 1.1)
      simplecov-html (~> 0.11)
    simplecov-html (0.12.3)

PLATFORMS
  x64-mingw32

DEPENDENCIES
  simplecov (~> 0.19.1)

BUNDLED WITH
   2.1.4
